GEM
  remote: http://rubygems.org/
  specs:
    minitest (5.15.0)

PLATFORMS
  ruby

DEPENDENCIES
  minitest

BUNDLED WITH
   1.17.3
